PATH
  remote: .
  specs:
    gpsd-fake (0.1.0)

GEM
  remote: https://rubygems.org/
  specs:
    minitest (5.11.3)
    rake (13.0.1)

PLATFORMS
  ruby

DEPENDENCIES
  bundler (~> 2.0)
  gpsd-fake!
  minitest (~> 5.0)
  rake (~> 13.0)

BUNDLED WITH
   2.0.2
